GEM
  remote: https://rubygems.org/
  specs:
    gosu (0.10.4)
    rmagick (2.15.0)

PLATFORMS
  ruby

DEPENDENCIES
  gosu
  rmagick

BUNDLED WITH
   1.10.6
